PATH
  remote: .
  specs:
    annotate_models (1.0.0)

GEM
  remote: https://rubygems.org/
  specs:
    yard (0.8.7.6)

PLATFORMS
  ruby

DEPENDENCIES
  annotate_models!
  yard

BUNDLED WITH
   1.16.3
